GEM
  remote: http://rubygems.org/
  specs:
    addressable (2.3.3)
    anemone (0.7.2)
      nokogiri (>= 1.3.0)
      robotex (>= 1.0.0)
    builder (3.2.0)
    columnize (0.3.6)
    cookiejar (0.3.0)
    debugger (1.3.3)
      columnize (>= 0.3.1)
      debugger-linecache (~> 1.1.1)
      debugger-ruby_core_source (~> 1.2.0)
    debugger-linecache (1.1.2)
      debugger-ruby_core_source (>= 1.1.1)
    debugger-ruby_core_source (1.2.0)
    em-http-request (1.0.3)
      addressable (>= 2.2.3)
      cookiejar
      em-socksify
      eventmachine (>= 1.0.0.beta.4)
      http_parser.rb (>= 0.5.3)
    em-socksify (0.2.1)
      eventmachine (>= 1.0.0.beta.4)
    em-synchrony (1.0.3)
      eventmachine (>= 1.0.0.beta.1)
    eventmachine (1.0.1)
    http_parser.rb (0.5.3)
    nokogiri (1.5.6)
    robotex (1.0.0)
    sqlite3 (1.3.7)

PLATFORMS
  ruby

DEPENDENCIES
  anemone
  builder
  debugger
  em-http-request
  em-synchrony
  nokogiri
  sqlite3
